GEM
  remote: https://rubygems.org/
  specs:
    addressable (2.6.0)
      public_suffix (>= 2.0.2, < 4.0)
    diff-lcs (1.2.5)
    dotenv (2.7.1)
    faraday (0.15.4)
      multipart-post (>= 1.2, < 3)
    json (2.2.0)
    koala (3.0.0)
      addressable
      faraday
      json (>= 1.8)
    multipart-post (2.0.0)
    public_suffix (3.0.3)
    rspec (3.3.0)
      rspec-core (~> 3.3.0)
      rspec-expectations (~> 3.3.0)
      rspec-mocks (~> 3.3.0)
    rspec-core (3.3.2)
      rspec-support (~> 3.3.0)
    rspec-expectations (3.3.1)
      diff-lcs (>= 1.2.0, < 2.0)
      rspec-support (~> 3.3.0)
    rspec-mocks (3.3.2)
      diff-lcs (>= 1.2.0, < 2.0)
      rspec-support (~> 3.3.0)
    rspec-support (3.3.0)

PLATFORMS
  ruby

DEPENDENCIES
  dotenv
  koala
  rspec

RUBY VERSION
   ruby 2.2.1p85

BUNDLED WITH
   1.14.3
